GEM
  remote: http://rubygems.org/
  specs:
    activemodel (3.2.3)
      activesupport (= 3.2.3)
      builder (~> 3.0.0)
    activeresource (3.2.3)
      activemodel (= 3.2.3)
      activesupport (= 3.2.3)
    activesupport (3.2.3)
      i18n (~> 0.6)
      multi_json (~> 1.0)
    builder (3.0.0)
    i18n (0.6.0)
    mite-rb (0.4.4)
      activeresource (>= 2.3.14)
    multi_json (1.3.1)

PLATFORMS
  ruby

DEPENDENCIES
  mite-rb (~> 0.4.4)
