GEM
  remote: http://rubygems.org/
  specs:
    activeresource (2.3.14)
      activesupport (= 2.3.14)
    activesupport (2.3.14)
    mite-rb (0.4.4)
      activeresource (>= 2.3.14)

PLATFORMS
  ruby

DEPENDENCIES
  activeresource (= 2.3.14)
  mite-rb
